GIT
  remote: git://github.com/phillbaker/sinatra-assetpack.git
  revision: 9302731670bfc2f8e4628aa7985b64929ff1e376
  ref: 9302731670bfc2f8e4628aa7985b64929ff1e376
  specs:
    sinatra-assetpack (0.0.11)
      jsmin
      rack-test
      sinatra
      tilt (>= 1.3.0)

GEM
  remote: http://rubygems.org/
  specs:
    activemodel (3.2.13)
      activesupport (= 3.2.13)
      builder (~> 3.0.0)
    activesupport (3.2.13)
      i18n (= 0.6.1)
      multi_json (~> 1.0)
    backports (3.1.1)
    bson (1.8.4)
    bson_ext (1.8.4)
      bson (~> 1.8.4)
    builder (3.0.4)
    daemons (1.1.9)
    eventmachine (1.0.3)
    execjs (1.4.0)
      multi_json (~> 1.0)
    i18n (0.6.1)
    jsmin (1.0.1)
    libv8 (3.11.8.17)
    mongo (1.8.4)
      bson (~> 1.8.4)
    mongoid (3.1.2)
      activemodel (~> 3.2)
      moped (~> 1.4.2)
      origin (~> 1.0)
      tzinfo (~> 0.3.22)
    moped (1.4.5)
    multi_json (1.7.2)
    origin (1.0.11)
    rack (1.5.2)
    rack-protection (1.5.0)
      rack
    rack-test (0.6.2)
      rack (>= 1.0)
    ref (1.0.4)
    sinatra (1.3.6)
      rack (~> 1.4)
      rack-protection (~> 1.3)
      tilt (~> 1.3, >= 1.3.3)
    sinatra-backbone (0.1.0.rc2)
      sinatra
    sinatra-contrib (1.3.2)
      backports (>= 2.0)
      eventmachine
      rack-protection
      rack-test
      sinatra (~> 1.3.0)
      tilt (~> 1.3)
    sinatra-reloader (1.0)
      sinatra-contrib
    therubyracer (0.11.4)
      libv8 (~> 3.11.8.12)
      ref
    thin (1.5.1)
      daemons (>= 1.0.9)
      eventmachine (>= 0.12.6)
      rack (>= 1.0.0)
    tilt (1.3.6)
    tzinfo (0.3.37)
    uglifier (1.3.0)
      execjs (>= 0.3.0)
      multi_json (~> 1.0, >= 1.0.2)

PLATFORMS
  ruby

DEPENDENCIES
  bson
  bson_ext
  mongo
  mongoid
  sinatra
  sinatra-assetpack!
  sinatra-backbone
  sinatra-reloader
  therubyracer
  thin
  uglifier
